GIT
  remote: git://github.com/the-guitarman/ActionText.git
  revision: e4e27c861b22457f0ebbee4e94beafddc1ae401a
  specs:
    ActionText (1.2.2)

GEM
  remote: https://rubygems.org/
  specs:
    aasm (3.0.14)
    actionmailer (2.3.15)
      actionpack (= 2.3.15)
    actionpack (2.3.15)
      activesupport (= 2.3.15)
      rack (~> 1.1.3)
    activerecord (2.3.15)
      activesupport (= 2.3.15)
    activeresource (2.3.15)
      activesupport (= 2.3.15)
    activesupport (2.3.15)
    after_commit (1.0.11)
      activerecord (>= 1.15.6, < 3.0.0)
    amount_field (1.4.2)
    authlogic (2.1.6)
      activesupport
    aws-s3 (0.6.3)
      builder
      mime-types
      xml-simple
    builder (3.2.2)
    cancan (1.6.10)
    cgi_multipart_eof_fix (2.5.0)
    columnize (0.3.6)
    daemons (1.1.9)
    encrypted_strings (0.3.3)
    factory_girl (1.3.3)
    fastthread (1.0.7)
    fleximage (1.0.4)
      aws-s3
      rmagick
    gem_plugin (0.2.3)
    geocoder (1.1.8)
    hoe (3.6.3)
      rake (>= 0.8, < 11.0)
    htmlentities (4.3.1)
    i18n (0.6.4)
    json (1.8.0)
    kgio (2.8.0)
    linecache (0.46)
      rbx-require-relative (> 0.0.4)
    mime-types (1.23)
    money (3.6.1)
      i18n (~> 0.4)
    mongrel (1.1.5)
      cgi_multipart_eof_fix (>= 2.4)
      daemons (>= 1.0.3)
      fastthread (>= 1.0.1)
      gem_plugin (>= 0.2.3)
    mongrel_cluster (1.0.5)
      gem_plugin (>= 0.2.3)
      mongrel (>= 1.0.2)
    mysql (2.8.1)
    nokogiri (1.4.4)
    puma (2.4.0)
      rack (>= 1.1, < 2.0)
    rack (1.1.6)
    rails (2.3.15)
      actionmailer (= 2.3.15)
      actionpack (= 2.3.15)
      activerecord (= 2.3.15)
      activeresource (= 2.3.15)
      activesupport (= 2.3.15)
      rake (>= 0.8.3)
    raindrops (0.11.0)
    rake (0.9.2.2)
    raspell (1.3)
    rbx-require-relative (0.0.9)
    riddle (1.5.7)
    rmagick (2.13.1)
    ruby-debug (0.10.4)
      columnize (>= 0.1)
      ruby-debug-base (~> 0.10.4.0)
    ruby-debug-base (0.10.4)
      linecache (>= 0.3)
    sanitize (2.0.3)
      nokogiri (>= 1.4.4, < 1.6)
    shoulda (3.0.1)
      shoulda-context (~> 1.0.0)
      shoulda-matchers (~> 1.0.0)
    shoulda-context (1.0.2)
    shoulda-matchers (1.0.0)
    sitemap_generator (4.1.1)
      builder
    subdomain_routes (0.3.1)
      actionpack (>= 2.2.1)
    test-unit (1.2.3)
      hoe (>= 1.5.1)
    thinking-sphinx (1.4.10)
      activerecord (>= 1.15.6, < 3.0.0)
      after_commit (>= 1.0.7)
      builder (>= 2.1.2)
      riddle (>= 1.5.0)
    thinking-sphinx-raspell (1.1.1)
      raspell (>= 1.1)
      thinking-sphinx (>= 1.2.12)
    unicorn (4.6.3)
      kgio (~> 2.6)
      rack
      raindrops (~> 0.7)
    will_paginate (2.3.15)
    xml-simple (1.1.2)
    ya2yaml (0.30)

PLATFORMS
  ruby

DEPENDENCIES
  ActionText (= 1.2.2)!
  aasm (= 3.0.14)
  amount_field (= 1.4.2)
  authlogic (= 2.1.6)
  bundler
  cancan
  encrypted_strings (~> 0.3.3)
  factory_girl (= 1.3.3)
  fleximage (= 1.0.4)
  geocoder
  htmlentities
  json
  money (= 3.6.1)
  mongrel (= 1.1.5)
  mongrel_cluster (= 1.0.5)
  mysql (= 2.8.1)
  nokogiri (= 1.4.4)
  puma
  rails (= 2.3.15)
  rake (= 0.9.2.2)
  rmagick (= 2.13.1)
  ruby-debug
  sanitize (= 2.0.3)
  shoulda
  sitemap_generator
  subdomain_routes (~> 0.3.1)
  test-unit (= 1.2.3)
  thinking-sphinx (= 1.4.10)
  thinking-sphinx-raspell (= 1.1.1)
  unicorn
  will_paginate (= 2.3.15)
  ya2yaml (= 0.30)
